PATH
  remote: .
  specs:
    onlinesim (1.0.4)
      faraday (~> 1.0)
      oj (~> 3.10)
      thor

GEM
  remote: https://rubygems.org/
  specs:
    faraday (1.0.1)
      multipart-post (>= 1.2, < 3)
    multipart-post (2.1.1)
    oj (3.10.8)
    thor (1.0.1)

PLATFORMS
  ruby

DEPENDENCIES
  bundler (~> 2.1.4)
  onlinesim!

BUNDLED WITH
   2.1.4
